GEM
  remote: https://rubygems.org/
  specs:
    activesupport (6.1.7.3)
      concurrent-ruby (~> 1.0, >= 1.0.2)
      i18n (>= 1.6, < 2)
      minitest (>= 5.1)
      tzinfo (~> 2.0)
      zeitwerk (~> 2.3)
    coderay (1.1.3)
    concurrent-ruby (1.2.2)
    countries (4.0.1)
      i18n_data (~> 0.13.0)
      sixarm_ruby_unaccent (~> 1.1)
    i18n (1.12.0)
      concurrent-ruby (~> 1.0)
    i18n_data (0.13.0)
    method_source (1.0.0)
    minitest (5.18.0)
    pry (0.13.1)
      coderay (~> 1.1)
      method_source (~> 1.0)
    sixarm_ruby_unaccent (1.2.0)
    tzinfo (2.0.6)
      concurrent-ruby (~> 1.0)
    zeitwerk (2.6.7)

PLATFORMS
  x86_64-darwin-19
  x86_64-linux

DEPENDENCIES
  activesupport
  countries
  pry

BUNDLED WITH
   2.2.16
